GIT
  remote: git@github.com:panter/delayed_job_active_record.git
  revision: 111a122cdc4d5cdae027691ef7c68c5a76470df7
  specs:
    delayed_job_active_record (4.0.0)
      activerecord (>= 3.0)
      delayed_job (>= 3.0)

GEM
  remote: https://ruby.taobao.org/
  specs:
    actionmailer (4.1.2)
      actionpack (= 4.1.2)
      actionview (= 4.1.2)
      mail (~> 2.5.4)
    actionpack (4.1.2)
      actionview (= 4.1.2)
      activesupport (= 4.1.2)
      rack (~> 1.5.2)
      rack-test (~> 0.6.2)
    actionpack-action_caching (1.1.1)
      actionpack (>= 4.0.0, < 5.0)
    actionview (4.1.2)
      activesupport (= 4.1.2)
      builder (~> 3.1)
      erubis (~> 2.7.0)
    activemodel (4.1.2)
      activesupport (= 4.1.2)
      builder (~> 3.1)
    activerecord (4.1.2)
      activemodel (= 4.1.2)
      activesupport (= 4.1.2)
      arel (~> 5.0.0)
    activesupport (4.1.2)
      i18n (~> 0.6, >= 0.6.9)
      json (~> 1.7, >= 1.7.7)
      minitest (~> 5.1)
      thread_safe (~> 0.1)
      tzinfo (~> 1.1)
    acts-as-taggable-on (3.2.6)
      activerecord (>= 3, < 5)
    arel (5.0.1.20140414130214)
    axiom-types (0.1.1)
      descendants_tracker (~> 0.0.4)
      ice_nine (~> 0.11.0)
      thread_safe (~> 0.3, >= 0.3.1)
    bcrypt (3.1.7)
    bootstrap-sass (3.1.1.0)
      sass (~> 3.2)
    builder (3.2.2)
    capistrano (3.2.1)
      i18n
      rake (>= 10.0.0)
      sshkit (~> 1.3)
    capistrano-bundler (1.1.2)
      capistrano (~> 3.0)
      sshkit (~> 1.2)
    capistrano-rails (1.0.0)
      capistrano
    capistrano-rvm (0.1.1)
      capistrano (~> 3.0)
      sshkit (~> 1.2)
    carrierwave (0.9.0)
      activemodel (>= 3.2.0)
      activesupport (>= 3.2.0)
      json (>= 1.7)
    chronic (0.10.2)
    coercible (1.0.0)
      descendants_tracker (~> 0.0.1)
    coffee-rails (4.0.1)
      coffee-script (>= 2.2.0)
      railties (>= 4.0.0, < 5.0)
    coffee-script (2.2.0)
      coffee-script-source
      execjs
    coffee-script-source (1.7.0)
    colorize (0.7.3)
    daemons (1.1.9)
    delayed_job (4.0.2)
      activesupport (>= 3.0, < 4.2)
    descendants_tracker (0.0.4)
      thread_safe (~> 0.3, >= 0.3.1)
    elasticsearch (1.0.2)
      elasticsearch-api (= 1.0.2)
      elasticsearch-transport (= 1.0.2)
    elasticsearch-api (1.0.2)
      multi_json
    elasticsearch-model (0.1.3)
      activesupport (> 3)
      elasticsearch (> 0.4)
      hashie
    elasticsearch-rails (0.1.3)
    elasticsearch-transport (1.0.2)
      faraday
      multi_json
    equalizer (0.0.9)
    erubis (2.7.0)
    execjs (2.2.0)
    faraday (0.9.0)
      multipart-post (>= 1.2, < 3)
    font-awesome-sass (4.1.0)
      sass (~> 3.2)
    grape (0.7.0)
      activesupport
      builder
      hashie (>= 1.2.0)
      multi_json (>= 1.3.2)
      multi_xml (>= 0.5.2)
      rack (>= 1.3.0)
      rack-accept
      rack-mount
      virtus (>= 1.0.0)
    grape-entity (0.4.3)
      activesupport
      multi_json (>= 1.3.2)
    gravtastic (3.2.6)
    hashie (3.0.0)
    hike (1.2.3)
    i18n (0.6.11)
    ice_nine (0.11.0)
    jbuilder (2.0.8)
      activesupport (>= 3.0.0, < 5)
      multi_json (~> 1.2)
    jquery-rails (3.1.0)
      railties (>= 3.0, < 5.0)
      thor (>= 0.14, < 2.0)
    jquery-turbolinks (2.0.2)
      railties (>= 3.1.0)
      turbolinks
    json (1.8.1)
    jwt (1.0.0)
    kgio (2.9.2)
    mail (2.5.4)
      mime-types (~> 1.16)
      treetop (~> 1.4.8)
    mime-types (1.25.1)
    mini_magick (3.7.0)
      subexec (~> 0.2.1)
    mini_portile (0.6.0)
    minitest (5.4.0)
    multi_json (1.10.1)
    multi_xml (0.5.5)
    multipart-post (2.0.0)
    net-scp (1.2.1)
      net-ssh (>= 2.6.5)
    net-ssh (2.9.1)
    newrelic_rpm (3.9.0.229)
    nokogiri (1.6.3.1)
      mini_portile (= 0.6.0)
    oauth2 (1.0.0)
      faraday (>= 0.8, < 0.10)
      jwt (~> 1.0)
      multi_json (~> 1.3)
      multi_xml (~> 0.5)
      rack (~> 1.2)
    omniauth (1.2.2)
      hashie (>= 1.2, < 4)
      rack (~> 1.0)
    omniauth-oauth2 (1.2.0)
      faraday (>= 0.8, < 0.10)
      multi_json (~> 1.3)
      oauth2 (~> 1.0)
      omniauth (~> 1.2)
    pg (0.17.1)
    polyglot (0.3.5)
    rack (1.5.2)
    rack-accept (0.4.5)
      rack (>= 0.4)
    rack-mount (0.8.3)
      rack (>= 1.0.0)
    rack-test (0.6.2)
      rack (>= 1.0)
    rails (4.1.2)
      actionmailer (= 4.1.2)
      actionpack (= 4.1.2)
      actionview (= 4.1.2)
      activemodel (= 4.1.2)
      activerecord (= 4.1.2)
      activesupport (= 4.1.2)
      bundler (>= 1.3.0, < 2.0)
      railties (= 4.1.2)
      sprockets-rails (~> 2.0)
    rails-i18n (4.0.1)
      i18n (~> 0.6)
      rails (~> 4.0)
    railties (4.1.2)
      actionpack (= 4.1.2)
      activesupport (= 4.1.2)
      rake (>= 0.8.7)
      thor (>= 0.18.1, < 2.0)
    raindrops (0.13.0)
    rake (10.3.2)
    sass (3.2.19)
    sass-rails (4.0.3)
      railties (>= 4.0.0, < 5.0)
      sass (~> 3.2.0)
      sprockets (~> 2.8, <= 2.11.0)
      sprockets-rails (~> 2.0)
    settingslogic (2.0.9)
    sitemap_generator (5.0.5)
      builder
    slim (2.0.3)
      temple (~> 0.6.6)
      tilt (>= 1.3.3, < 2.1)
    spring (1.1.3)
    sprockets (2.11.0)
      hike (~> 1.2)
      multi_json (~> 1.0)
      rack (~> 1.0)
      tilt (~> 1.1, != 1.3.0)
    sprockets-rails (2.1.3)
      actionpack (>= 3.0)
      activesupport (>= 3.0)
      sprockets (~> 2.8)
    sshkit (1.5.1)
      colorize
      net-scp (>= 1.1.2)
      net-ssh (>= 2.8.0)
    subexec (0.2.3)
    temple (0.6.8)
    thor (0.19.1)
    thread_safe (0.3.4)
    tilt (1.4.1)
    treetop (1.4.15)
      polyglot
      polyglot (>= 0.3.1)
    turbolinks (2.2.2)
      coffee-rails
    tzinfo (1.2.2)
      thread_safe (~> 0.1)
    uglifier (2.5.0)
      execjs (>= 0.3.0)
      json (>= 1.8.0)
    unicorn (4.8.2)
      kgio (~> 2.6)
      rack
      raindrops (~> 0.7)
    virtus (1.0.2)
      axiom-types (~> 0.1)
      coercible (~> 1.0)
      descendants_tracker (~> 0.0.3)
      equalizer (~> 0.0.9)
    whenever (0.9.2)
      activesupport (>= 2.3.4)
      chronic (>= 0.6.3)
    will_paginate (3.0.5)
    will_paginate-bootstrap (1.0.0)
      will_paginate (>= 3.0.3)

PLATFORMS
  ruby

DEPENDENCIES
  actionpack-action_caching (~> 1.1.1)
  acts-as-taggable-on (~> 3.2.6)
  bcrypt (~> 3.1.7)
  bootstrap-sass (~> 3.1.1)
  capistrano (~> 3.2.1)
  capistrano-bundler (= 1.1.2)
  capistrano-rails
  capistrano-rvm (= 0.1.1)
  carrierwave (~> 0.9.0)
  coffee-rails (~> 4.0.0)
  daemons (= 1.1.9)
  delayed_job_active_record!
  elasticsearch-model (~> 0.1.3)
  elasticsearch-rails (~> 0.1.3)
  font-awesome-sass (~> 4.1.0)
  grape (~> 0.7.0)
  grape-entity (~> 0.4.3)
  gravtastic (~> 3.2.6)
  jbuilder (~> 2.0)
  jquery-rails
  jquery-turbolinks
  mini_magick (~> 3.7.0)
  net-ssh (~> 2.9.1)
  newrelic_rpm
  nokogiri (~> 1.6.2)
  omniauth-oauth2 (~> 1.2.0)
  pg
  rails (= 4.1.2)
  rails-i18n (~> 4.0.1)
  sass-rails (~> 4.0.2)
  settingslogic (~> 2.0.9)
  sitemap_generator (~> 5.0.5)
  slim (~> 2.0.2)
  spring
  turbolinks
  uglifier (>= 1.3.0)
  unicorn
  whenever
  will_paginate-bootstrap (~> 1.0.0)
